PATH
  remote: .
  specs:
    tune_spec (0.5.4)

GEM
  remote: https://rubygems.org/
  specs:
    ast (2.4.0)
    docile (1.3.1)
    jaro_winkler (1.5.2)
    json (2.1.0)
    minitest (5.11.3)
    parallel (1.13.0)
    parser (2.6.0.0)
      ast (~> 2.4.0)
    powerpack (0.1.2)
    rainbow (3.0.0)
    rake (12.3.2)
    rubocop (0.63.1)
      jaro_winkler (~> 1.5.1)
      parallel (~> 1.10)
      parser (>= 2.5, != 2.5.1.1)
      powerpack (~> 0.1)
      rainbow (>= 2.2.2, < 4.0)
      ruby-progressbar (~> 1.7)
      unicode-display_width (~> 1.4.0)
    ruby-progressbar (1.10.0)
    simplecov (0.16.1)
      docile (~> 1.1)
      json (>= 1.8, < 3)
      simplecov-html (~> 0.10.0)
    simplecov-html (0.10.2)
    unicode-display_width (1.4.1)
    yard (0.9.18)
    yard-doctest (0.1.13)
      minitest
      yard

PLATFORMS
  ruby

DEPENDENCIES
  rake (~> 12.3.2)
  rubocop (~> 0.63.1)
  simplecov (~> 0.16)
  tune_spec!
  yard (~> 0.9.18)
  yard-doctest (~> 0.1.13)

BUNDLED WITH
   2.0.1
