PATH
  remote: .
  specs:
    tune_spec (0.1.0)

GEM
  remote: https://rubygems.org/
  specs:
    rake (10.5.0)

PLATFORMS
  ruby

DEPENDENCIES
  bundler (~> 1.15)
  rake (~> 10.0)
  tune_spec!

BUNDLED WITH
   1.15.4
